GEM
  remote: https://rubygems.org/
  specs:
    erubis (2.7.0)
    puma (3.11.0)
    rack (2.0.3)
    roda (3.3.0)
      rack
    tilt (2.0.8)

PLATFORMS
  ruby

DEPENDENCIES
  erubis
  puma
  roda
  tilt

RUBY VERSION
   ruby 2.4.1p111

BUNDLED WITH
   1.16.0
