GEM
  remote: https://rubygems.org/
  specs:
    ast (2.3.0)
    builder (3.2.3)
    byebug (9.1.0)
    coderay (1.1.2)
    deep_merge (1.2.1)
    diff-lcs (1.3)
    erubis (2.7.0)
    method_source (0.9.0)
    parallel (1.12.1)
    parser (2.4.0.2)
      ast (~> 2.3)
    powerpack (0.1.1)
    pry (0.11.3)
      coderay (~> 1.1.0)
      method_source (~> 0.9.0)
    pry-byebug (3.5.1)
      byebug (~> 9.1)
      pry (~> 0.10)
    puma (3.11.0)
    rack (2.0.3)
    rainbow (3.0.0)
    rake (12.3.0)
    roda (3.3.0)
      rack
    rspec (3.7.0)
      rspec-core (~> 3.7.0)
      rspec-expectations (~> 3.7.0)
      rspec-mocks (~> 3.7.0)
    rspec-core (3.7.0)
      rspec-support (~> 3.7.0)
    rspec-expectations (3.7.0)
      diff-lcs (>= 1.2.0, < 2.0)
      rspec-support (~> 3.7.0)
    rspec-mocks (3.7.0)
      diff-lcs (>= 1.2.0, < 2.0)
      rspec-support (~> 3.7.0)
    rspec-support (3.7.0)
    rubocop (0.52.0)
      parallel (~> 1.10)
      parser (>= 2.4.0.2, < 3.0)
      powerpack (~> 0.1)
      rainbow (>= 2.2.2, < 4.0)
      ruby-progressbar (~> 1.7)
      unicode-display_width (~> 1.0, >= 1.0.1)
    ruby-progressbar (1.9.0)
    skn_utils (3.4.0)
      deep_merge (~> 1.1)
    tilt (2.0.8)
    unicode-display_width (1.3.0)

PLATFORMS
  ruby

DEPENDENCIES
  builder
  erubis
  pry
  pry-byebug
  puma
  rake
  roda
  rspec
  rubocop
  skn_utils
  tilt

RUBY VERSION
   ruby 2.4.1p111

BUNDLED WITH
   1.16.0
